GEM
  remote: https://rubygems.org/
  specs:
    awesome_print (1.6.1)
    ffi (1.9.6)
    libusb (0.5.0)
      ffi (>= 1.0)
    ruby-usb (0.2.1)

PLATFORMS
  ruby

DEPENDENCIES
  awesome_print (~> 1.6.1)
  libusb (~> 0.5.0)
  ruby-usb (~> 0.2.1)
